GEM
  remote: http://rubygems.org/
  specs:
    faraday (0.11.0)
      multipart-post (>= 1.2, < 3)
    geolocater (0.1.0)
      faraday
      json
    json (2.0.3)
    multipart-post (2.0.0)

PLATFORMS
  ruby

DEPENDENCIES
  geolocater

BUNDLED WITH
   1.14.3
